GEM
  remote: https://rubygems.org/
  specs:
    beefcake (0.3.7)
    bert (1.1.6)
    bitcask (0.2.2)
    builder (3.0.0)
    i18n (0.6.0)
    multi_json (1.3.6)
    riak-client (1.0.3)
      beefcake (~> 0.3.7)
      builder (>= 2.1.2)
      i18n (>= 0.4.0)
      multi_json (~> 1.0)

PLATFORMS
  ruby

DEPENDENCIES
  bert
  bitcask
  riak-client
